GEM
  remote: https://rubygems.org/
  specs:
    coderay (1.1.0)
    method_source (0.8.2)
    mini_portile2 (2.4.0)
    nokogiri (1.10.0)
      mini_portile2 (~> 2.4.0)
    pdf-core (0.7.0)
    prawn (2.2.2)
      pdf-core (~> 0.7.0)
      ttfunk (~> 1.5)
    pry (0.10.1)
      coderay (~> 1.1.0)
      method_source (~> 0.8.1)
      slop (~> 3.4)
    rake (12.0.0)
    slop (3.6.0)
    ttfunk (1.5.1)

PLATFORMS
  ruby

DEPENDENCIES
  nokogiri
  prawn
  pry
  rake

BUNDLED WITH
   1.16.1
